PATH
  remote: .
  specs:
    wopinator (0.1.0)
      addressable (>= 2.4.0)
      httparty
      json
      nokogiri (>= 1.6.7)
      nori (>= 1.1.5)
      rake (>= 10.0)

GEM
  remote: https://rubygems.org/
  specs:
    addressable (2.4.0)
    codeclimate-test-reporter (0.4.8)
      simplecov (>= 0.7.1, < 1.0.0)
    diff-lcs (1.2.5)
    docile (1.1.5)
    httparty (0.14.0)
      multi_xml (>= 0.5.2)
    json (1.8.3)
    mini_portile2 (2.1.0)
    multi_xml (0.5.5)
    nokogiri (1.6.8)
      mini_portile2 (~> 2.1.0)
      pkg-config (~> 1.1.7)
    nori (2.6.0)
    pkg-config (1.1.7)
    rake (11.3.0)
    rspec (3.4.0)
      rspec-core (~> 3.4.0)
      rspec-expectations (~> 3.4.0)
      rspec-mocks (~> 3.4.0)
    rspec-core (3.4.1)
      rspec-support (~> 3.4.0)
    rspec-expectations (3.4.0)
      diff-lcs (>= 1.2.0, < 2.0)
      rspec-support (~> 3.4.0)
    rspec-its (1.2.0)
      rspec-core (>= 3.0.0)
      rspec-expectations (>= 3.0.0)
    rspec-mocks (3.4.1)
      diff-lcs (>= 1.2.0, < 2.0)
      rspec-support (~> 3.4.0)
    rspec-support (3.4.1)
    rubygems-tasks (0.2.4)
    simplecov (0.10.0)
      docile (~> 1.1.0)
      json (~> 1.8)
      simplecov-html (~> 0.10.0)
    simplecov-html (0.10.0)
    timecop (0.8.0)

PLATFORMS
  ruby

DEPENDENCIES
  bundler (~> 1.11)
  codeclimate-test-reporter
  rspec (~> 3.4)
  rspec-its
  rubygems-tasks
  timecop
  wopinator!

BUNDLED WITH
   1.13.1
